PATH
  remote: .
  specs:
    tencent_simple_sms (0.1.0)

GEM
  remote: https://rubygems.org/
  specs:
    rake (12.3.3)

PLATFORMS
  ruby

DEPENDENCIES
  rake (~> 12.0)
  tencent_simple_sms!

BUNDLED WITH
   2.1.4
